GEM
  remote: https://rubygems.org/
  specs:
    byebug (11.1.3)
    docile (1.3.5)
    luhn-ruby (1.0.0)
    minitest (5.14.3)
    rake (13.0.3)
    simplecov (0.21.2)
      docile (~> 1.1)
      simplecov-html (~> 0.11)
      simplecov_json_formatter (~> 0.1)
    simplecov-html (0.12.3)
    simplecov_json_formatter (0.1.2)

PLATFORMS
  x86_64-darwin-19

DEPENDENCIES
  byebug
  luhn-ruby
  minitest
  rake
  simplecov

BUNDLED WITH
   2.2.7
